GEM
  remote: https://rubygems.org/
  specs:
    activesupport (4.2.10)
      i18n (~> 0.7)
      minitest (~> 5.1)
      thread_safe (~> 0.3, >= 0.3.4)
      tzinfo (~> 1.1)
    addressable (2.5.2)
      public_suffix (>= 2.0.2, < 4.0)
    axiom-types (0.1.1)
      descendants_tracker (~> 0.0.4)
      ice_nine (~> 0.11.0)
      thread_safe (~> 0.3, >= 0.3.1)
    azure_mgmt_compute (0.9.0)
      ms_rest_azure (~> 0.7.0)
    azure_mgmt_network (0.9.0)
      ms_rest_azure (~> 0.7.0)
    azure_mgmt_resources (0.9.0)
      ms_rest_azure (~> 0.7.0)
    azure_mgmt_storage (0.9.0)
      ms_rest_azure (~> 0.7.0)
    berkshelf (5.6.5)
      addressable (~> 2.3, >= 2.3.4)
      berkshelf-api-client (>= 2.0.2, < 4.0)
      buff-config (~> 2.0)
      buff-extensions (~> 2.0)
      buff-shell_out (~> 1.0)
      cleanroom (~> 1.0)
      faraday (~> 0.9)
      httpclient (~> 2.7)
      minitar (~> 0.5, >= 0.5.4)
      mixlib-archive (~> 0.4)
      octokit (~> 4.0)
      retryable (~> 2.0)
      ridley (~> 5.0)
      solve (> 2.0, < 4.0)
      thor (~> 0.19, < 0.19.2)
    berkshelf-api-client (3.0.0)
      faraday (~> 0.9)
      httpclient (~> 2.7)
      ridley (>= 4.5, < 6.0)
    bigdecimal (1.2.8)
    buff-config (2.0.0)
      buff-extensions (~> 2.0)
      varia_model (~> 0.6)
    buff-extensions (2.0.0)
    buff-ignore (1.2.0)
    buff-ruby_engine (1.0.0)
    buff-shell_out (1.1.0)
      buff-ruby_engine (~> 1.0)
    builder (3.2.3)
    celluloid (0.16.0)
      timers (~> 4.0.0)
    celluloid-io (0.16.2)
      celluloid (>= 0.16.0)
      nio4r (>= 1.1.0)
    chef (12.21.31)
      addressable
      bundler (>= 1.10)
      chef-config (= 12.21.31)
      chef-zero (>= 4.8, < 13)
      diff-lcs (~> 1.2, >= 1.2.4)
      erubis (~> 2.7)
      ffi-yajl (~> 2.2)
      highline (~> 1.6, >= 1.6.9)
      iniparse (~> 1.4)
      mixlib-archive (~> 0.4)
      mixlib-authentication (~> 1.4)
      mixlib-cli (~> 1.7)
      mixlib-log (~> 1.3)
      mixlib-shellout (~> 2.0)
      net-sftp (~> 2.1, >= 2.1.2)
      net-ssh (>= 2.9, < 5.0)
      net-ssh-multi (~> 1.2, >= 1.2.1)
      ohai (>= 8.6.0.alpha.1, < 13)
      plist (~> 3.2)
      proxifier (~> 1.0)
      rspec-core (~> 3.5)
      rspec-expectations (~> 3.5)
      rspec-mocks (~> 3.5)
      rspec_junit_formatter (~> 0.2.0)
      serverspec (~> 2.7)
      specinfra (~> 2.10)
      syslog-logger (~> 1.6)
      uuidtools (~> 2.1.5)
    chef-config (12.21.31)
      addressable
      fuzzyurl
      mixlib-config (~> 2.0)
      mixlib-shellout (~> 2.0)
    chef-zero (5.3.2)
      ffi-yajl (~> 2.2)
      hashie (>= 2.0, < 4.0)
      mixlib-log (~> 1.3)
      rack (~> 2.0)
      uuidtools (~> 2.1)
    cleanroom (1.0.0)
    coercible (1.0.0)
      descendants_tracker (~> 0.0.1)
    concurrent-ruby (1.0.5)
    descendants_tracker (0.0.4)
      thread_safe (~> 0.3, >= 0.3.1)
    diff-lcs (1.3)
    domain_name (0.5.20170404)
      unf (>= 0.0.5, < 1.0.0)
    droplet_kit (1.3.3)
      activesupport (> 3.0, < 5.0.0)
      faraday (~> 0.9.1)
      kartograph (~> 0.2.3)
      resource_kit (~> 0.1.4)
      virtus (~> 1.0.3)
    equalizer (0.0.11)
    erubis (2.7.0)
    excon (0.60.0)
    faraday (0.9.2)
      multipart-post (>= 1.2, < 3)
    faraday-cookie_jar (0.0.6)
      faraday (>= 0.7.4)
      http-cookie (~> 1.0.0)
    ffi (1.9.21)
    ffi-yajl (2.3.1)
      libyajl2 (~> 1.2)
    fog-aws (1.4.1)
      fog-core (~> 1.38)
      fog-json (~> 1.0)
      fog-xml (~> 0.1)
      ipaddress (~> 0.8)
    fog-core (1.45.0)
      builder
      excon (~> 0.58)
      formatador (~> 0.2)
    fog-json (1.0.2)
      fog-core (~> 1.0)
      multi_json (~> 1.10)
    fog-xml (0.1.3)
      fog-core
      nokogiri (>= 1.5.11, < 2.0.0)
    formatador (0.2.5)
    fuzzyurl (0.9.0)
    gssapi (1.2.0)
      ffi (>= 1.0.1)
    gyoku (1.3.1)
      builder (>= 2.1.2)
    hashie (3.5.7)
    highline (1.7.10)
    hitimes (1.2.6)
    http-cookie (1.0.3)
      domain_name (~> 0.5)
    httpclient (2.8.3)
    i18n (0.9.4)
      concurrent-ruby (~> 1.0)
    ice_nine (0.11.2)
    iniparse (1.4.4)
    io-console (0.4.5)
    ipaddress (0.8.3)
    json (2.1.0)
    kartograph (0.2.7)
    knife-azure (1.8.0)
      azure_mgmt_compute (= 0.9.0)
      azure_mgmt_network (= 0.9.0)
      azure_mgmt_resources (= 0.9.0)
      azure_mgmt_storage (= 0.9.0)
      ffi
      ipaddress
      knife-windows (~> 1.0)
      listen (~> 3.0)
      nokogiri (>= 1.5.5)
    knife-digital_ocean (2.6.0)
      chef (>= 10.18)
      droplet_kit (~> 1.3.0)
    knife-ec2 (0.17.0)
      fog-aws (~> 1.0)
      knife-windows (~> 1.0)
      mime-types
    knife-windows (1.9.0)
      winrm (~> 2.1)
      winrm-elevated (~> 1.0)
    librarian (0.1.2)
      highline
      thor (~> 0.15)
    librarian-chef (0.0.4)
      chef (>= 0.10)
      librarian (~> 0.1.0)
      minitar (>= 0.5.2)
    libyajl2 (1.2.0)
    listen (3.1.5)
      rb-fsevent (~> 0.9, >= 0.9.4)
      rb-inotify (~> 0.9, >= 0.9.7)
      ruby_dep (~> 1.2)
    little-plugger (1.1.4)
    logging (2.2.2)
      little-plugger (~> 1.1)
      multi_json (~> 1.10)
    mime-types (3.1)
      mime-types-data (~> 3.2015)
    mime-types-data (3.2016.0521)
    mini_portile2 (2.3.0)
    minitar (0.6.1)
    minitest (5.11.3)
    mixlib-archive (0.4.1)
      mixlib-log
    mixlib-authentication (1.4.2)
    mixlib-cli (1.7.0)
    mixlib-config (2.2.5)
    mixlib-log (1.7.1)
    mixlib-shellout (2.3.2)
    molinillo (0.6.4)
    ms_rest (0.6.4)
      concurrent-ruby (~> 1.0)
      faraday (~> 0.9)
      timeliness (~> 0.3)
    ms_rest_azure (0.7.0)
      concurrent-ruby (~> 1.0)
      faraday (~> 0.9)
      faraday-cookie_jar (~> 0.0.6)
      ms_rest (~> 0.6.3)
    multi_json (1.13.1)
    multipart-post (2.0.0)
    net-scp (1.2.1)
      net-ssh (>= 2.6.5)
    net-sftp (2.1.2)
      net-ssh (>= 2.6.5)
    net-ssh (4.2.0)
    net-ssh-gateway (2.0.0)
      net-ssh (>= 4.0.0)
    net-ssh-multi (1.2.1)
      net-ssh (>= 2.6.5)
      net-ssh-gateway (>= 1.2.0)
    net-telnet (0.1.1)
    nio4r (2.2.0)
    nokogiri (1.8.2)
      mini_portile2 (~> 2.3.0)
    nori (2.6.0)
    octokit (4.8.0)
      sawyer (~> 0.8.0, >= 0.5.3)
    ohai (8.26.1)
      chef-config (>= 12.5.0.alpha.1, < 14)
      ffi (~> 1.9)
      ffi-yajl (~> 2.2)
      ipaddress
      mixlib-cli
      mixlib-config (~> 2.0)
      mixlib-log (>= 1.7.1, < 2.0)
      mixlib-shellout (~> 2.0)
      plist (~> 3.1)
      systemu (~> 2.6.4)
      wmi-lite (~> 1.0)
    plist (3.4.0)
    proxifier (1.0.3)
    psych (2.1.0.1)
    public_suffix (3.0.1)
    rack (2.0.4)
    rb-fsevent (0.10.2)
    rb-inotify (0.9.10)
      ffi (>= 0.5.0, < 2)
    rdoc (4.2.1)
    resource_kit (0.1.7)
      addressable (>= 2.3.6, < 3.0.0)
    retryable (2.0.4)
    ridley (5.1.1)
      addressable
      buff-config (~> 2.0)
      buff-extensions (~> 2.0)
      buff-ignore (~> 1.2)
      buff-shell_out (~> 1.0)
      celluloid (~> 0.16.0)
      celluloid-io (~> 0.16.1)
      chef-config (>= 12.5.0)
      erubis
      faraday (~> 0.9)
      hashie (>= 2.0.2, < 4.0.0)
      httpclient (~> 2.7)
      json (>= 1.7.7)
      mixlib-authentication (>= 1.3.0)
      retryable (~> 2.0)
      semverse (~> 2.0)
      varia_model (~> 0.6)
    rspec (3.7.0)
      rspec-core (~> 3.7.0)
      rspec-expectations (~> 3.7.0)
      rspec-mocks (~> 3.7.0)
    rspec-core (3.7.1)
      rspec-support (~> 3.7.0)
    rspec-expectations (3.7.0)
      diff-lcs (>= 1.2.0, < 2.0)
      rspec-support (~> 3.7.0)
    rspec-its (1.2.0)
      rspec-core (>= 3.0.0)
      rspec-expectations (>= 3.0.0)
    rspec-mocks (3.7.0)
      diff-lcs (>= 1.2.0, < 2.0)
      rspec-support (~> 3.7.0)
    rspec-support (3.7.1)
    rspec_junit_formatter (0.2.3)
      builder (< 4)
      rspec-core (>= 2, < 4, != 2.12.0)
    ruby_dep (1.5.0)
    rubyntlm (0.6.2)
    rubyzip (1.2.1)
    sawyer (0.8.1)
      addressable (>= 2.3.5, < 2.6)
      faraday (~> 0.8, < 1.0)
    semverse (2.0.0)
    serverspec (2.41.3)
      multi_json
      rspec (~> 3.0)
      rspec-its
      specinfra (~> 2.72)
    sfl (2.3)
    solve (3.1.1)
      molinillo (>= 0.5)
      semverse (>= 1.1, < 3.0)
    specinfra (2.73.2)
      net-scp
      net-ssh (>= 2.7, < 5.0)
      net-telnet
      sfl
    syslog-logger (1.6.8)
    systemu (2.6.5)
    thor (0.19.1)
    thread_safe (0.3.6)
    timeliness (0.3.8)
    timers (4.0.4)
      hitimes
    tzinfo (1.2.5)
      thread_safe (~> 0.1)
    unf (0.1.4)
      unf_ext
    unf_ext (0.0.7.5)
    uuidtools (2.1.5)
    varia_model (0.6.0)
      buff-extensions (~> 2.0)
      hashie (>= 2.0.2, < 4.0.0)
    virtus (1.0.5)
      axiom-types (~> 0.1)
      coercible (~> 1.0)
      descendants_tracker (~> 0.0, >= 0.0.3)
      equalizer (~> 0.0, >= 0.0.9)
    winrm (2.2.3)
      builder (>= 2.1.2)
      erubis (~> 2.7)
      gssapi (~> 1.2)
      gyoku (~> 1.0)
      httpclient (~> 2.2, >= 2.2.0.2)
      logging (>= 1.6.1, < 3.0)
      nori (~> 2.0)
      rubyntlm (~> 0.6.0, >= 0.6.1)
    winrm-elevated (1.1.0)
      winrm (~> 2.0)
      winrm-fs (~> 1.0)
    winrm-fs (1.2.0)
      erubis (~> 2.7)
      logging (>= 1.6.1, < 3.0)
      rubyzip (~> 1.1)
      winrm (~> 2.0)
    wmi-lite (1.0.0)

PLATFORMS
  ruby

DEPENDENCIES
  activesupport (= 4.2.10)
  addressable (= 2.5.2)
  axiom-types (= 0.1.1)
  azure_mgmt_compute (= 0.9.0)
  azure_mgmt_network (= 0.9.0)
  azure_mgmt_resources (= 0.9.0)
  azure_mgmt_storage (= 0.9.0)
  berkshelf (= 5.6.5)
  berkshelf-api-client (= 3.0.0)
  bigdecimal (= 1.2.8)
  buff-config (= 2.0.0)
  buff-extensions (= 2.0.0)
  buff-ignore (= 1.2.0)
  buff-ruby_engine (= 1.0.0)
  buff-shell_out (= 1.1.0)
  builder (= 3.2.3)
  bundler (= 1.16.1)
  celluloid (= 0.16.0)
  celluloid-io (= 0.16.2)
  chef (= 12.21.31)
  chef-config (= 12.21.31)
  chef-zero (= 5.3.2)
  cleanroom (= 1.0.0)
  coercible (= 1.0.0)
  concurrent-ruby (= 1.0.5)
  descendants_tracker (= 0.0.4)
  diff-lcs (= 1.3)
  domain_name (= 0.5.20170404)
  droplet_kit (= 1.3.3)
  equalizer (= 0.0.11)
  erubis (= 2.7.0)
  excon (= 0.60.0)
  faraday (= 0.9.2)
  faraday-cookie_jar (= 0.0.6)
  ffi (= 1.9.21)
  ffi-yajl (= 2.3.1)
  fog-aws (= 1.4.1)
  fog-core (= 1.45.0)
  fog-json (= 1.0.2)
  fog-xml (= 0.1.3)
  formatador (= 0.2.5)
  fuzzyurl (= 0.9.0)
  gssapi (= 1.2.0)
  gyoku (= 1.3.1)
  hashie (= 3.5.7)
  highline (= 1.7.10)
  hitimes (= 1.2.6)
  http-cookie (= 1.0.3)
  httpclient (= 2.8.3)
  i18n (= 0.9.4)
  ice_nine (= 0.11.2)
  iniparse (= 1.4.4)
  io-console (= 0.4.5)
  ipaddress (= 0.8.3)
  json (= 2.1.0)
  kartograph (= 0.2.7)
  knife-azure (= 1.8.0)
  knife-digital_ocean (= 2.6.0)
  knife-ec2 (= 0.17.0)
  knife-windows (= 1.9.0)
  librarian (= 0.1.2)
  librarian-chef (= 0.0.4)
  libyajl2 (= 1.2.0)
  listen (= 3.1.5)
  little-plugger (= 1.1.4)
  logging (= 2.2.2)
  mime-types (= 3.1)
  mime-types-data (= 3.2016.0521)
  mini_portile2 (= 2.3.0)
  minitar (= 0.6.1)
  minitest (= 5.11.3)
  mixlib-archive (= 0.4.1)
  mixlib-authentication (= 1.4.2)
  mixlib-cli (= 1.7.0)
  mixlib-config (= 2.2.5)
  mixlib-log (= 1.7.1)
  mixlib-shellout (= 2.3.2)
  molinillo (= 0.6.4)
  ms_rest (= 0.6.4)
  ms_rest_azure (= 0.7.0)
  multi_json (= 1.13.1)
  multipart-post (= 2.0.0)
  net-scp (= 1.2.1)
  net-sftp (= 2.1.2)
  net-ssh (= 4.2.0)
  net-ssh-gateway (= 2.0.0)
  net-ssh-multi (= 1.2.1)
  net-telnet (= 0.1.1)
  nio4r (= 2.2.0)
  nokogiri (= 1.8.2)
  nori (= 2.6.0)
  octokit (= 4.8.0)
  ohai (= 8.26.1)
  plist (= 3.4.0)
  proxifier (= 1.0.3)
  psych (= 2.1.0.1)
  public_suffix (= 3.0.1)
  rack (= 2.0.4)
  rb-fsevent (= 0.10.2)
  rb-inotify (= 0.9.10)
  rdoc (= 4.2.1)
  resource_kit (= 0.1.7)
  retryable (= 2.0.4)
  ridley (= 5.1.1)
  rspec (= 3.7.0)
  rspec-core (= 3.7.1)
  rspec-expectations (= 3.7.0)
  rspec-its (= 1.2.0)
  rspec-mocks (= 3.7.0)
  rspec-support (= 3.7.1)
  rspec_junit_formatter (= 0.2.3)
  ruby_dep (= 1.5.0)
  rubyntlm (= 0.6.2)
  rubyzip (= 1.2.1)
  sawyer (= 0.8.1)
  semverse (= 2.0.0)
  serverspec (= 2.41.3)
  sfl (= 2.3)
  solve (= 3.1.1)
  specinfra (= 2.73.2)
  syslog-logger (= 1.6.8)
  systemu (= 2.6.5)
  thor (= 0.19.1)
  thread_safe (= 0.3.6)
  timeliness (= 0.3.8)
  timers (= 4.0.4)
  tzinfo (= 1.2.5)
  unf (= 0.1.4)
  unf_ext (= 0.0.7.5)
  uuidtools (= 2.1.5)
  varia_model (= 0.6.0)
  virtus (= 1.0.5)
  winrm (= 2.2.3)
  winrm-elevated (= 1.1.0)
  winrm-fs (= 1.2.0)
  wmi-lite (= 1.0.0)

RUBY VERSION
   ruby 2.3.6p384

BUNDLED WITH
   1.16.1
